GEM
  remote: https://rubygems.org/
  specs:
    json (1.8.0)
    rack (1.5.2)

PLATFORMS
  ruby

DEPENDENCIES
  json
  rack
